PATH
  remote: .
  specs:
    padrino-assets (0.1.0)
      coffee-script (~> 2.2.0)
      padrino (~> 0.11.0)
      sprockets (~> 2.2.0)
      uglifier (~> 2.1.0)

GEM
  remote: https://rubygems.org/
  specs:
    activesupport (3.2.12)
      i18n (~> 0.6)
      multi_json (~> 1.0)
    coffee-script (2.2.0)
      coffee-script-source
      execjs
    coffee-script-source (1.6.2)
    execjs (1.4.0)
      multi_json (~> 1.0)
    hike (1.2.2)
    http_router (0.11.0)
      rack (>= 1.0.0)
      url_mount (~> 0.2.1)
    i18n (0.6.4)
    mail (2.5.4)
      mime-types (~> 1.16)
      treetop (~> 1.4.8)
    mime-types (1.23)
    minitest (4.3.2)
    multi_json (1.7.5)
    nokogiri (1.5.9)
    padrino (0.11.2)
      padrino-admin (= 0.11.2)
      padrino-cache (= 0.11.2)
      padrino-core (= 0.11.2)
      padrino-gen (= 0.11.2)
      padrino-helpers (= 0.11.2)
      padrino-mailer (= 0.11.2)
    padrino-admin (0.11.2)
      padrino-core (= 0.11.2)
      padrino-helpers (= 0.11.2)
    padrino-cache (0.11.2)
      padrino-core (= 0.11.2)
      padrino-helpers (= 0.11.2)
    padrino-core (0.11.2)
      activesupport (>= 3.1.0)
      http_router (~> 0.11.0)
      rack-protection (>= 1.5.0)
      sinatra (~> 1.4.2)
      thor (~> 0.17.0)
      tilt (~> 1.3.7)
    padrino-gen (0.11.2)
      bundler (~> 1.0)
      padrino-core (= 0.11.2)
    padrino-helpers (0.11.2)
      i18n (~> 0.6)
      padrino-core (= 0.11.2)
    padrino-mailer (0.11.2)
      mail (~> 2.5.3)
      padrino-core (= 0.11.2)
    polyglot (0.3.3)
    rack (1.5.2)
    rack-protection (1.5.0)
      rack
    rack-test (0.6.2)
      rack (>= 1.0)
    rake (10.0.4)
    sinatra (1.4.2)
      rack (~> 1.5, >= 1.5.2)
      rack-protection (~> 1.4)
      tilt (~> 1.3, >= 1.3.4)
    sprockets (2.2.2)
      hike (~> 1.2)
      multi_json (~> 1.0)
      rack (~> 1.0)
      tilt (~> 1.1, != 1.3.0)
    thor (0.17.0)
    tilt (1.3.7)
    treetop (1.4.12)
      polyglot
      polyglot (>= 0.3.1)
    uglifier (2.1.0)
      execjs (>= 0.3.0)
      multi_json (~> 1.0, >= 1.0.2)
    url_mount (0.2.1)
      rack
    webrat (0.7.3)
      nokogiri (>= 1.2.0)
      rack (>= 1.0)
      rack-test (>= 0.5.3)

PLATFORMS
  ruby

DEPENDENCIES
  minitest (~> 4.0)
  padrino-assets!
  rack-test (>= 0.5.0)
  rake
  webrat (>= 0.5.1)
