GEM
  remote: https://rubygems.org/
  specs:
    minitest (4.3.2)
    nokogiri (1.5.9)
    rack (1.5.2)
    rack-test (0.6.2)
      rack (>= 1.0)
    webrat (0.7.3)
      nokogiri (>= 1.2.0)
      rack (>= 1.0)
      rack-test (>= 0.5.3)

PLATFORMS
  ruby

DEPENDENCIES
  minitest (~> 4.0)
  rack-test (>= 0.5.0)
  webrat (>= 0.5.1)
